PATH
  remote: .
  specs:
    annotranslate (0.1.0)

GEM
  remote: http://rubygems.org/
  specs:
    columnize (0.8.9)
    debugger (1.1.4)
      columnize (>= 0.3.1)
      debugger-linecache (~> 1.1.1)
      debugger-ruby_core_source (~> 1.1.3)
    debugger-linecache (1.1.2)
      debugger-ruby_core_source (>= 1.1.1)
    debugger-ruby_core_source (1.1.9)
    linecache (0.46)
      rbx-require-relative (> 0.0.4)
    rake (10.3.2)
    rbx-require-relative (0.0.9)
    ruby-debug (0.10.4)
      columnize (>= 0.1)
      ruby-debug-base (~> 0.10.4.0)
    ruby-debug-base (0.10.4)
      linecache (>= 0.3)

PLATFORMS
  ruby

DEPENDENCIES
  annotranslate!
  debugger (~> 1.1.1)
  rake
  ruby-debug (~> 0.10.4)
